PATH
  remote: .
  specs:
    fluent-plugin-docker-journald-concat (0.1.0)
      fluentd (~> 0.14)

GEM
  remote: https://rubygems.org/
  specs:
    cool.io (1.5.1)
    fluentd (0.14.21)
      cool.io (>= 1.4.5, < 2.0.0)
      http_parser.rb (>= 0.5.1, < 0.7.0)
      msgpack (>= 0.7.0, < 2.0.0)
      ruby_dig (~> 0.0.2)
      serverengine (>= 2.0.4, < 3.0.0)
      sigdump (~> 0.2.2)
      strptime (~> 0.1.7)
      tzinfo (~> 1.0)
      tzinfo-data (~> 1.0)
      yajl-ruby (~> 1.0)
    http_parser.rb (0.6.0)
    msgpack (1.1.0)
    power_assert (1.1.0)
    rake (12.1.0)
    rr (1.2.1)
    ruby_dig (0.0.2)
    serverengine (2.0.5)
      sigdump (~> 0.2.2)
    sigdump (0.2.4)
    strptime (0.1.9)
    test-unit (3.2.6)
      power_assert
    test-unit-rr (1.0.5)
      rr (>= 1.1.1)
      test-unit (>= 2.5.2)
    thread_safe (0.3.6)
    tzinfo (1.2.3)
      thread_safe (~> 0.1)
    tzinfo-data (1.2017.2)
      tzinfo (>= 1.0.0)
    yajl-ruby (1.3.0)

PLATFORMS
  ruby

DEPENDENCIES
  bundler (~> 1.11)
  fluent-plugin-docker-journald-concat!
  rake (~> 12.0)
  test-unit (~> 3.1)
  test-unit-rr (~> 1.0)

BUNDLED WITH
   1.14.3
